GEM
  remote: https://rubygems.org/
  specs:
    awesome_print (1.9.2)
    dotenv (2.8.1)
    httparty (0.21.0)
      mini_mime (>= 1.0.0)
      multi_xml (>= 0.5.2)
    mini_mime (1.1.2)
    multi_xml (0.6.0)
    rainbow (3.1.1)
    ruby-openai (3.5.0)
      httparty (>= 0.18.1)
    thor (1.2.1)

PLATFORMS
  arm64-darwin-22

DEPENDENCIES
  awesome_print (~> 1.9)
  dotenv (~> 2.8)
  rainbow (~> 3.1)
  ruby-openai (~> 3.5)
  thor (~> 1.2)

BUNDLED WITH
   2.4.6
