GEM
  remote: https://rubygems.org/
  specs:
    dotenv (2.8.1)
    thor (1.2.1)

PLATFORMS
  arm64-darwin-22

DEPENDENCIES
  dotenv (~> 2.8)
  thor (~> 1.2)

BUNDLED WITH
   2.4.6
